PATH
  remote: .
  specs:
    shivi_view_tool (0.1.2)

GEM
  remote: https://rubygems.org/
  specs:
    rake (10.5.0)

PLATFORMS
  ruby

DEPENDENCIES
  bundler (~> 2.0)
  rake (~> 10.0)
  shivi_view_tool!

BUNDLED WITH
   2.0.1
